GEM
  remote: https://rubygems.org/
  specs:
    addressable (2.5.2)
      public_suffix (>= 2.0.2, < 4.0)
    bibtex-ruby (4.4.7)
      latex-decode (~> 0.0)
    citeproc (1.0.10)
      namae (~> 1.0)
    citeproc-ruby (1.1.13)
      citeproc (~> 1.0, >= 1.0.9)
      csl (~> 1.5)
    colorator (1.1.0)
    concurrent-ruby (1.0.5)
    csl (1.5.2)
      namae (~> 1.0)
    csl-styles (1.0.1.10)
      csl (~> 1.0)
    em-websocket (0.5.1)
      eventmachine (>= 0.12.9)
      http_parser.rb (~> 0.6.0)
    eventmachine (1.2.7)
    ffi (1.9.25)
    forwardable-extended (2.6.0)
    http_parser.rb (0.6.0)
    i18n (0.9.5)
      concurrent-ruby (~> 1.0)
    jekyll (3.8.4)
      addressable (~> 2.4)
      colorator (~> 1.0)
      em-websocket (~> 0.5)
      i18n (~> 0.7)
      jekyll-sass-converter (~> 1.0)
      jekyll-watch (~> 2.0)
      kramdown (~> 1.14)
      liquid (~> 4.0)
      mercenary (~> 0.3.3)
      pathutil (~> 0.9)
      rouge (>= 1.7, < 4)
      safe_yaml (~> 1.0)
    jekyll-jupyter-notebook (0.0.4)
      jekyll
    jekyll-paginate (1.1.0)
    jekyll-sass-converter (1.5.2)
      sass (~> 3.4)
    jekyll-scholar (5.16.0)
      bibtex-ruby (~> 4.0, >= 4.0.13)
      citeproc-ruby (~> 1.0)
      csl-styles (~> 1.0)
      jekyll (~> 3.0)
    jekyll-sitemap (1.1.1)
      jekyll (~> 3.3)
    jekyll-toc (0.12.1)
      nokogiri (~> 1.9)
    jekyll-watch (2.1.2)
      listen (~> 3.0)
    kramdown (1.17.0)
    latex-decode (0.3.2)
    liquid (4.0.1)
    listen (3.1.5)
      rb-fsevent (~> 0.9, >= 0.9.4)
      rb-inotify (~> 0.9, >= 0.9.7)
      ruby_dep (~> 1.2)
    mercenary (0.3.6)
    mini_portile2 (2.4.0)
    multi_json (1.13.1)
    namae (1.0.2)
    nokogiri (1.10.2)
      mini_portile2 (~> 2.4.0)
    pathutil (0.16.1)
      forwardable-extended (~> 2.6)
    public_suffix (3.0.3)
    pygments.rb (1.2.1)
      multi_json (>= 1.0.0)
    rb-fsevent (0.10.3)
    rb-inotify (0.9.10)
      ffi (>= 0.5.0, < 2)
    redcarpet (3.4.0)
    rouge (3.3.0)
    ruby_dep (1.5.0)
    safe_yaml (1.0.4)
    sass (3.6.0)
      sass-listen (~> 4.0.0)
    sass-listen (4.0.0)
      rb-fsevent (~> 0.9, >= 0.9.4)
      rb-inotify (~> 0.9, >= 0.9.7)

PLATFORMS
  ruby

DEPENDENCIES
  ffi (>= 1.9.24)
  jekyll (>= 3.6.3)
  jekyll-jupyter-notebook (~> 0.0.4)
  jekyll-paginate
  jekyll-scholar (~> 5.16)
  jekyll-sitemap
  jekyll-toc
  pygments.rb
  redcarpet
  tzinfo-data

BUNDLED WITH
   2.1.4
